GEM
  remote: https://rubygems.org/
  specs:
    chunky_png (1.3.4)
    daemons (1.2.3)
    dotenv (2.0.2)
    eventmachine (1.0.7)
    mail (2.6.3)
      mime-types (>= 1.16, < 3)
    mime-types (2.6.1)
    rack (1.6.4)
    rack-protection (1.5.3)
      rack
    rqrcode (0.6.0)
      chunky_png
    rqrcode_png (0.1.5)
      chunky_png
      rqrcode
    sinatra (1.4.6)
      rack (~> 1.4)
      rack-protection (~> 1.4)
      tilt (>= 1.3, < 3)
    slim (3.0.6)
      temple (~> 0.7.3)
      tilt (>= 1.3.3, < 2.1)
    temple (0.7.6)
    thin (1.6.3)
      daemons (~> 1.0, >= 1.0.9)
      eventmachine (~> 1.0)
      rack (~> 1.0)
    tilt (2.0.1)

PLATFORMS
  ruby

DEPENDENCIES
  dotenv
  mail
  rqrcode_png
  sinatra
  slim
  thin

BUNDLED WITH
   1.10.6
